GEM
  remote: http://rubygems.org/
  specs:
    activesupport (3.1.0)
      multi_json (~> 1.0)
    addressable (2.2.6)
    builder (3.0.0)
    countries (0.6.1)
      currencies (= 0.4.0)
      currencies (>= 0.2.0)
    crack (0.1.8)
    currencies (0.4.0)
    diff-lcs (1.1.2)
    factory_girl (1.3.3)
    faker (0.9.5)
      i18n (~> 0.4)
    i18n (0.6.0)
    multi_json (1.0.3)
    multi_xml (0.3.0)
    open4 (1.1.0)
    rake (0.9.2)
    rspec (2.6.0)
      rspec-core (~> 2.6.0)
      rspec-expectations (~> 2.6.0)
      rspec-mocks (~> 2.6.0)
    rspec-core (2.6.4)
    rspec-expectations (2.6.0)
      diff-lcs (~> 1.1.2)
    rspec-mocks (2.6.0)
    vaulted_billing (1.1.6)
      activesupport (>= 2.3)
      builder (>= 2.1.2)
      countries
      multi_json (~> 1.0)
      multi_xml (~> 0.3.0)
    vaulted_billing-termcap (0.0.6)
      vaulted_billing (~> 1.1.6)
    vcr (1.10.3)
    webmock (1.7.0)
      addressable (~> 2.2, > 2.2.5)
      crack (>= 0.1.7)

PLATFORMS
  ruby

DEPENDENCIES
  factory_girl (~> 1.3)
  faker (~> 0.9)
  open4
  rake (~> 0.9)
  rspec (~> 2.4)
  vaulted_billing (= 1.1.6)
  vaulted_billing-termcap (= 0.0.6)
  vcr (~> 1.7)
  webmock (~> 1.6)
